PATH
  remote: ../..
  specs:
    sdm (0.0.1)

GEM
  remote: https://rubygems.org/
  specs:

PLATFORMS
  ruby

DEPENDENCIES
  sdm!
